PATH
  remote: ../google-cloud-errors
  specs:
    google-cloud-errors (1.3.0)

GIT
  remote: https://github.com/rails/turbolinks.git
  revision: 80216ce9d89920bf073709405e3fce6d0a3ccd9a
  specs:
    turbolinks (3.0.0)
      coffee-rails

GEM
  remote: https://rubygems.org/
  specs:
    actionmailer (4.1.1)
      actionpack (= 4.1.1)
      actionview (= 4.1.1)
      mail (~> 2.5.4)
    actionpack (4.1.1)
      actionview (= 4.1.1)
      activesupport (= 4.1.1)
      rack (~> 1.5.2)
      rack-test (~> 0.6.2)
    actionview (4.1.1)
      activesupport (= 4.1.1)
      builder (~> 3.1)
      erubis (~> 2.7.0)
    activemodel (4.1.1)
      activesupport (= 4.1.1)
      builder (~> 3.1)
    activerecord (4.1.1)
      activemodel (= 4.1.1)
      activesupport (= 4.1.1)
      arel (~> 5.0.0)
    activesupport (4.1.1)
      i18n (~> 0.6, >= 0.6.9)
      json (~> 1.7, >= 1.7.7)
      minitest (~> 5.1)
      thread_safe (~> 0.1)
      tzinfo (~> 1.1)
    arel (5.0.1.20140414130214)
    bootstrap-sass (3.1.1.1)
      sass (~> 3.2)
    builder (3.2.2)
    coffee-rails (4.0.1)
      coffee-script (>= 2.2.0)
      railties (>= 4.0.0, < 5.0)
    coffee-script (2.2.0)
      coffee-script-source
      execjs
    coffee-script-source (1.7.0)


PLATFORMS
  ruby

DEPENDENCIES
  bootstrap-sass
  coffee-rails (~> 4.0.0)
  google-cloud-errors!
  jbuilder (~> 2.0)
  jquery-rails
  mysql2 (~> 0.3.16)
  rails (= 4.1.1)
  sass-rails (~> 4.0.3)
  sdoc (~> 0.4.0)
  spring
  sqlite3
  therubyracer
  turbolinks!
  uglifier (>= 1.3.0)
  unicorn
